GIT
  remote: git://github.com/activeadmin/activeadmin.git
  revision: 45f1f29af1cd20856ef27e7b72bae287d235b655
  specs:
    activeadmin (1.0.0.pre)
      arbre (~> 1.0, >= 1.0.2)
      bourbon
      coffee-rails
      formtastic (~> 3.1)
      formtastic_i18n
      inherited_resources (~> 1.4, != 1.5.0)
      jquery-rails
      jquery-ui-rails (~> 5.0)
      kaminari (~> 0.15)
      rails (>= 3.2, < 4.2)
      ransack (~> 1.3)
      sass-rails

GIT
  remote: git://github.com/codecraft63/inherited_resources.git
  revision: 9e4c7576b48ed7914cbc65a04b4730439438ca74
  branch: master
  specs:
    inherited_resources (1.5.1)
      actionpack (>= 3.2, < 4.2)
      has_scope (~> 0.6.0.rc)
      railties (>= 3.2, < 4.2)
      responders (~> 2.0)

GIT
  remote: git://github.com/ctran/annotate_models.git
  revision: 038b13c04e575cc0f0c89c702c994166c7dc9955
  branch: master
  specs:
    annotate (2.6.5)
      activerecord (>= 2.3.0)
      rake (>= 0.8.7)

GIT
  remote: git://github.com/evrone/quiet_assets.git
  revision: f3f349b53e7cbc141febf29633071518cc94ebb8
  branch: master
  specs:
    quiet_assets (1.1.0)
      railties (>= 3.1, < 5.0)

GIT
  remote: git://github.com/guard/guard-livereload.git
  revision: 5fa2e134387c2764199d55a604865d28e134da46
  branch: master
  specs:
    guard-livereload (2.4.0)
      em-websocket (~> 0.5)
      guard (~> 2.8)
      guard-compat (~> 1.0)
      multi_json (~> 1.8)

GIT
  remote: git://github.com/voormedia/rails-erd.git
  revision: f09ea2dd510dfec85fcd73c0defd673566a2b5f9
  branch: master
  specs:
    rails-erd (1.3.0)
      activerecord (>= 3.2)
      activesupport (>= 3.2)
      choice (~> 0.1.6)
      ruby-graphviz (~> 1.0.4)

GEM
  remote: https://rubygems.org/
  specs:
    actionmailer (4.2.0.rc3)
      actionpack (= 4.2.0.rc3)
      actionview (= 4.2.0.rc3)
      activejob (= 4.2.0.rc3)
      mail (~> 2.5, >= 2.5.4)
      rails-dom-testing (~> 1.0, >= 1.0.5)
    actionpack (4.2.0.rc3)
      actionview (= 4.2.0.rc3)
      activesupport (= 4.2.0.rc3)
      rack (~> 1.6.0.beta2)
      rack-test (~> 0.6.2)
      rails-dom-testing (~> 1.0, >= 1.0.5)
      rails-html-sanitizer (~> 1.0, >= 1.0.1)
    actionview (4.2.0.rc3)
      activesupport (= 4.2.0.rc3)
      builder (~> 3.1)
      erubis (~> 2.7.0)
      rails-dom-testing (~> 1.0, >= 1.0.5)
      rails-html-sanitizer (~> 1.0, >= 1.0.1)
    activejob (4.2.0.rc3)
      activesupport (= 4.2.0.rc3)
      globalid (>= 0.3.0)
    activemodel (4.2.0.rc3)
      activesupport (= 4.2.0.rc3)
      builder (~> 3.1)
    activerecord (4.2.0.rc3)
      activemodel (= 4.2.0.rc3)
      activesupport (= 4.2.0.rc3)
      arel (~> 6.0)
    activesupport (4.2.0.rc3)
      i18n (>= 0.7.0.beta1, < 0.8)
      json (~> 1.7, >= 1.7.7)
      minitest (~> 5.1)
      thread_safe (~> 0.1)
      tzinfo (~> 1.1)
    acts_as_votable (0.10.0)
    addressable (2.3.6)
    arbre (1.0.2)
      activesupport (>= 3.0.0)
    arel (6.0.0)
    ast (2.0.0)
    astrolabe (1.3.0)
      parser (>= 2.2.0.pre.3, < 3.0)
    autoprefixer-rails (4.0.2.1)
      execjs
    bcrypt (3.1.9)
    binding_of_caller (0.7.2)
      debug_inspector (>= 0.0.1)
    bootstrap-sass (3.2.0.2)
      sass (~> 3.2)
    bootswatch-rails (3.2.4)
      railties (>= 3.1)
    bourbon (4.0.2)
      sass (~> 3.3)
      thor
    builder (3.2.2)
    byebug (3.5.1)
      columnize (~> 0.8)
      debugger-linecache (~> 1.2)
      slop (~> 3.6)
    capistrano (3.3.5)
      capistrano-stats (~> 1.1.0)
      i18n
      rake (>= 10.0.0)
      sshkit (~> 1.3)
    capistrano-stats (1.1.1)
    celluloid (0.16.0)
      timers (~> 4.0.0)
    choice (0.1.7)
    climate_control (0.0.3)
      activesupport (>= 3.0)
    cocaine (0.5.4)
      climate_control (>= 0.0.3, < 1.0)
    coderay (1.1.0)
    coffee-rails (4.1.0)
      coffee-script (>= 2.2.0)
      railties (>= 4.0.0, < 5.0)
    coffee-script (2.3.0)
      coffee-script-source
      execjs
    coffee-script-source (1.8.0)
    colorize (0.7.5)
    columnize (0.9.0)
    debug_inspector (0.0.2)
    debugger-linecache (1.2.0)
    devise (3.4.1)
      bcrypt (~> 3.0)
      orm_adapter (~> 0.1)
      railties (>= 3.2.6, < 5)
      responders
      thread_safe (~> 0.1)
      warden (~> 1.2.3)
    em-websocket (0.5.1)
      eventmachine (>= 0.12.9)
      http_parser.rb (~> 0.6.0)
    erubis (2.7.0)
    eventmachine (1.0.7)
    excon (0.42.1)
    execjs (2.2.2)
    ffi (1.9.6)
    formatador (0.2.5)
    formtastic (3.1.2)
      actionpack (>= 3.2.13)
    formtastic_i18n (0.1.1)
    globalid (0.3.0)
      activesupport (>= 4.1.0)
    guard (2.12.3)
      formatador (>= 0.2.4)
      listen (~> 2.7)
      lumberjack (~> 1.0)
      nenv (~> 0.1)
      notiffany (~> 0.0)
      pry (>= 0.9.12)
      shellany (~> 0.0)
      thor (>= 0.18.1)
    guard-compat (1.2.1)
    has_scope (0.6.0.rc)
      actionpack (>= 3.2, < 5)
      activesupport (>= 3.2, < 5)
    heroku (3.20.0)
      heroku-api (~> 0.3.19)
      launchy (>= 0.3.2)
      multi_json (~> 1.10.1)
      netrc (>= 0.10.0)
      rest-client (= 1.6.7)
      rubyzip (= 0.9.9)
    heroku-api (0.3.21)
      excon (~> 0.38)
      multi_json (~> 1.8)
    hike (1.2.3)
    hitimes (1.2.2)
    http_parser.rb (0.6.0)
    i18n (0.7.0.beta1)
    inkwell (2.0.0)
      activerecord (>= 4.0.0)
      railties (>= 4.0.0)
    jbuilder (2.2.5)
      activesupport (>= 3.0.0, < 5)
      multi_json (~> 1.2)
    jquery-rails (4.0.0)
      rails-dom-testing (~> 1.0)
      railties (>= 4.2.0.beta, < 5.0)
      thor (>= 0.14, < 2.0)
    jquery-ui-rails (5.0.3)
      railties (>= 3.2.16)
    json (1.8.1)
    kaminari (0.16.1)
      actionpack (>= 3.0.0)
      activesupport (>= 3.0.0)
    launchy (2.4.3)
      addressable (~> 2.3)
    listen (2.8.5)
      celluloid (>= 0.15.2)
      rb-fsevent (>= 0.9.3)
      rb-inotify (>= 0.9)
    loofah (2.0.1)
      nokogiri (>= 1.5.9)
    lumberjack (1.0.9)
    mail (2.6.3)
      mime-types (>= 1.16, < 3)
    method_source (0.8.2)
    mime-types (2.4.3)
    mini_portile (0.6.1)
    minitest (5.5.0)
    multi_json (1.10.1)
    nenv (0.2.0)
    net-scp (1.2.1)
      net-ssh (>= 2.6.5)
    net-ssh (2.9.2)
    netrc (0.10.1)
    nokogiri (1.6.5)
      mini_portile (~> 0.6.0)
    notiffany (0.0.6)
      nenv (~> 0.1)
      shellany (~> 0.0)
    orm_adapter (0.5.0)
    paperclip (4.2.0)
      activemodel (>= 3.0.0)
      activesupport (>= 3.0.0)
      cocaine (~> 0.5.3)
      mime-types
    parser (2.2.0.3)
      ast (>= 1.1, < 3.0)
    pg (0.17.1)
    polyamorous (1.1.0)
      activerecord (>= 3.0)
    powerpack (0.1.0)
    pry (0.10.1)
      coderay (~> 1.1.0)
      method_source (~> 0.8.1)
      slop (~> 3.4)
    puma (2.11.1)
      rack (>= 1.1, < 2.0)
    rack (1.6.0.beta2)
    rack-test (0.6.2)
      rack (>= 1.0)
    rails (4.2.0.rc3)
      actionmailer (= 4.2.0.rc3)
      actionpack (= 4.2.0.rc3)
      actionview (= 4.2.0.rc3)
      activejob (= 4.2.0.rc3)
      activemodel (= 4.2.0.rc3)
      activerecord (= 4.2.0.rc3)
      activesupport (= 4.2.0.rc3)
      bundler (>= 1.3.0, < 2.0)
      railties (= 4.2.0.rc3)
      sprockets-rails
    rails-deprecated_sanitizer (1.0.3)
      activesupport (>= 4.2.0.alpha)
    rails-dom-testing (1.0.5)
      activesupport (>= 4.2.0.beta, < 5.0)
      nokogiri (~> 1.6.0)
      rails-deprecated_sanitizer (>= 1.0.1)
    rails-html-sanitizer (1.0.1)
      loofah (~> 2.0)
    rails_serve_static_assets (0.0.2)
    rails_stdout_logging (0.0.3)
    railties (4.2.0.rc3)
      actionpack (= 4.2.0.rc3)
      activesupport (= 4.2.0.rc3)
      rake (>= 0.8.7)
      thor (>= 0.18.1, < 2.0)
    rainbow (2.0.0)
    rake (10.4.2)
    ransack (1.5.1)
      actionpack (>= 3.0)
      activerecord (>= 3.0)
      activesupport (>= 3.0)
      i18n
      polyamorous (~> 1.1)
    rb-fsevent (0.9.4)
    rb-inotify (0.9.5)
      ffi (>= 0.5.0)
    rdoc (4.2.0)
      json (~> 1.4)
    responders (2.0.2)
      railties (>= 4.2.0.alpha, < 5)
    rest-client (1.6.7)
      mime-types (>= 1.16)
    rubocop (0.29.1)
      astrolabe (~> 1.3)
      parser (>= 2.2.0.1, < 3.0)
      powerpack (~> 0.1)
      rainbow (>= 1.99.1, < 3.0)
      ruby-progressbar (~> 1.4)
    ruby-graphviz (1.0.9)
    ruby-progressbar (1.7.1)
    rubyzip (0.9.9)
    sass (3.4.9)
    sass-rails (5.0.0)
      railties (>= 4.0.0, < 5.0)
      sass (~> 3.1)
      sprockets (>= 2.8, < 4.0)
      sprockets-rails (>= 2.0, < 4.0)
      tilt (~> 1.1)
    sdoc (0.4.1)
      json (~> 1.7, >= 1.7.7)
      rdoc (~> 4.0)
    shellany (0.0.1)
    slop (3.6.0)
    spring (1.2.0)
    sprockets (2.12.3)
      hike (~> 1.2)
      multi_json (~> 1.0)
      rack (~> 1.0)
      tilt (~> 1.1, != 1.3.0)
    sprockets-rails (2.2.2)
      actionpack (>= 3.0)
      activesupport (>= 3.0)
      sprockets (>= 2.8, < 4.0)
    sshkit (1.7.1)
      colorize (>= 0.7.0)
      net-scp (>= 1.1.2)
      net-ssh (>= 2.8.0)
    thor (0.19.1)
    thread_safe (0.3.4)
    tilt (1.4.1)
    timers (4.0.1)
      hitimes
    turbolinks (2.5.3)
      coffee-rails
    tzinfo (1.2.2)
      thread_safe (~> 0.1)
    uglifier (2.6.0)
      execjs (>= 0.3.0)
      json (>= 1.8.0)
    warden (1.2.3)
      rack (>= 1.0)
    web-console (2.0.0)
      activemodel (~> 4.0)
      binding_of_caller (>= 0.7.2)
      railties (~> 4.0)
      sprockets-rails (>= 2.0, < 4.0)

PLATFORMS
  ruby

DEPENDENCIES
  activeadmin!
  acts_as_votable (~> 0.10.0)
  annotate!
  autoprefixer-rails
  bootstrap-sass (~> 3.2.0)
  bootswatch-rails
  byebug
  capistrano (~> 3.3.0)
  coffee-rails (~> 4.1.0)
  devise
  guard-livereload!
  heroku
  inherited_resources!
  inkwell
  jbuilder (~> 2.0)
  jquery-rails
  paperclip (~> 4.1)
  pg
  puma
  quiet_assets!
  rails (= 4.2.0.rc3)
  rails-erd!
  rails_serve_static_assets
  rails_stdout_logging
  rubocop
  sass-rails (~> 5.0)
  sdoc (~> 0.4.0)
  spring
  turbolinks
  uglifier (>= 1.3.0)
  web-console (~> 2.0)
